GEM
  remote: https://rubygems.org/
  specs:
    byebug (11.0.1)
    date (2.0.0)
    diff-lcs (1.3)
    filesize (0.2.0)
    fileutils (1.2.0)
    forwardable (1.2.0)
    mini_portile2 (2.8.0)
    nokogiri (1.13.2)
      mini_portile2 (~> 2.8.0)
      racc (~> 1.4)
    racc (1.6.0)
    rspec (3.8.0)
      rspec-core (~> 3.8.0)
      rspec-expectations (~> 3.8.0)
      rspec-mocks (~> 3.8.0)
    rspec-core (3.8.1)
      rspec-support (~> 3.8.0)
    rspec-expectations (3.8.4)
      diff-lcs (>= 1.2.0, < 2.0)
      rspec-support (~> 3.8.0)
    rspec-mocks (3.8.1)
      diff-lcs (>= 1.2.0, < 2.0)
      rspec-support (~> 3.8.0)
    rspec-support (3.8.2)

PLATFORMS
  ruby

DEPENDENCIES
  byebug (>= 11.0.1)
  date (>= 2.0.0)
  filesize (>= 0.2.0)
  fileutils (>= 1.2.0)
  forwardable (>= 1.2.0)
  nokogiri (>= 1.10.0)
  rspec (>= 3.8.0)

BUNDLED WITH
   1.17.2
